GEM
  remote: https://rubygems.org/
  specs:
    noid (0.9.0)
    redis (4.1.2)
    redlock (1.0.1)
      redis (>= 3.0.0, < 5.0)

PLATFORMS
  ruby

DEPENDENCIES
  noid
  redis
  redlock

BUNDLED WITH
   2.0.1
